GIT
  remote: https://github.com/inertia186/radiator.git
  revision: 65f0aeff610023511683afdcfa2dd14a3328b7f6
  specs:
    radiator (0.1.1)
      bitcoin-ruby (= 0.0.10)
      ffi (= 1.9.17)
      hashie (>= 1.1)
      logging (~> 2.2.0)
      net-http-persistent (~> 2.9.4)

GEM
  remote: https://rubygems.org/
  specs:
    bitcoin-ruby (0.0.10)
    ffi (1.9.17)
    hashie (3.5.5)
    little-plugger (1.1.4)
    logging (2.2.0)
      little-plugger (~> 1.1)
      multi_json (~> 1.10)
    multi_json (1.12.1)
    net-http-persistent (2.9.4)

PLATFORMS
  ruby

DEPENDENCIES
  radiator!

BUNDLED WITH
   1.14.6
