GIT
  remote: https://github.com/inertia186/radiator.git
  revision: 58639fab86743d2571f23f27a8a9c71858a926e3
  specs:
    radiator (0.0.8)
      bitcoin-ruby (= 0.0.10)
      ffi (= 1.9.17)
      hashie (>= 1.1)
      logging (~> 2.1.0)
      net-http-persistent (= 2.9.4)

GEM
  remote: https://rubygems.org/
  specs:
    bitcoin-ruby (0.0.10)
    ffi (1.9.17)
    hashie (3.5.5)
    little-plugger (1.1.4)
    logging (2.1.0)
      little-plugger (~> 1.1)
      multi_json (~> 1.10)
    multi_json (1.12.1)
    net-http-persistent (2.9.4)

PLATFORMS
  ruby

DEPENDENCIES
  radiator!

BUNDLED WITH
   1.14.3
